GEM
  remote: https://rubygems.org/
  specs:
    dotenv (2.8.1)
    httparty (0.21.0)
      mini_mime (>= 1.0.0)
      multi_xml (>= 0.5.2)
    json (2.6.3)
    mini_mime (1.1.2)
    multi_xml (0.6.0)

PLATFORMS
  x64-mingw-ucrt

DEPENDENCIES
  dotenv
  httparty
  json

RUBY VERSION
   ruby 3.2.2p53

BUNDLED WITH
   2.4.10
